PATH
  remote: .
  specs:
    zero_push (0.0.1)
      faraday (= 0.8.5)

GEM
  remote: https://rubygems.org/
  specs:
    faraday (0.8.5)
      multipart-post (~> 1.1)
    minitest (4.6.1)
    multipart-post (1.1.5)
    vcr (2.4.0)

PLATFORMS
  ruby

DEPENDENCIES
  minitest (= 4.6.1)
  vcr (= 2.4.0)
  zero_push!
