PATH
  remote: .
  specs:
    zero_push (0.0.3)
      faraday (~> 0.8.5)

GEM
  remote: https://rubygems.org/
  specs:
    addressable (2.3.2)
    backports (2.8.2)
    coderay (1.0.8)
    faraday (0.8.5)
      multipart-post (~> 1.1)
    faraday_middleware (0.9.0)
      faraday (>= 0.7.4, < 0.9)
    gh (0.9.1)
      addressable
      backports (~> 2.3)
      faraday (~> 0.8)
      multi_json (~> 1.0)
      net-http-persistent (>= 2.7)
      net-http-pipeline
    highline (1.6.15)
    launchy (2.1.2)
      addressable (~> 2.3)
    method_source (0.8.1)
    minitest (4.6.1)
    multi_json (1.5.1)
    multipart-post (1.1.5)
    net-http-persistent (2.8)
    net-http-pipeline (1.0.1)
    netrc (0.7.7)
    pry (0.9.12)
      coderay (~> 1.0.5)
      method_source (~> 0.8)
      slop (~> 3.4)
    rake (10.0.3)
    slop (3.4.4)
    travis (1.2.0)
      backports (~> 2.6)
      faraday (~> 0.8)
      faraday_middleware (~> 0.9)
      gh (~> 0.9)
      highline (~> 1.6)
      launchy (~> 2.1)
      net-http-persistent (~> 2.8)
      netrc (~> 0.7)
      pry (~> 0.9)
    vcr (2.4.0)
    yard (0.8.4.1)

PLATFORMS
  ruby

DEPENDENCIES
  minitest (~> 4.6.1)
  rake (~> 10.0.3)
  travis (~> 1.2.0)
  vcr (~> 2.4.0)
  yard (~> 0.8.4)
  zero_push!
